GEM
  remote: https://rubygems.org/
  specs:
    backports (3.6.0)
    dotenv (0.11.1)
      dotenv-deployment (~> 0.0.2)
    dotenv-deployment (0.0.2)
    foreman (0.74.0)
      dotenv (~> 0.11.1)
      thor (~> 0.19.1)
    haml (4.0.5)
      tilt
    httparty (0.13.1)
      json (~> 1.8)
      multi_xml (>= 0.5.2)
    json (1.8.1)
    json (1.8.1-java)
    multi_json (1.10.0)
    multi_xml (0.5.5)
    rack (1.5.2)
    rack-protection (1.5.2)
      rack
    rack-test (0.6.2)
      rack (>= 1.0)
    sinatra (1.4.4)
      rack (~> 1.4)
      rack-protection (~> 1.4)
      tilt (~> 1.3, >= 1.3.4)
    sinatra-contrib (1.4.2)
      backports (>= 2.0)
      multi_json
      rack-protection
      rack-test
      sinatra (~> 1.4.0)
      tilt (~> 1.3)
    thor (0.19.1)
    tilt (1.4.1)

PLATFORMS
  java
  ruby

DEPENDENCIES
  foreman
  haml
  httparty
  sinatra
  sinatra-contrib
